GEM
  remote: http://rubygems.org/
  specs:
    citrus (3.0.2)
    errand-boy (0.1.2)
      faraday
      git
      toml-rb
    faraday (0.9.2)
      multipart-post (>= 1.2, < 3)
    git (1.3.0)
    multipart-post (2.0.0)
    toml-rb (0.3.15)
      citrus (~> 3.0, > 3.0)

PLATFORMS
  ruby

DEPENDENCIES
  errand-boy

BUNDLED WITH
   1.12.5
